GEM
  remote: http://rubygems.org/
  specs:
    activesupport (2.3.9)
    fakeweb (1.2.8)
    gemcutter (0.6.1)
    git (1.2.5)
    jeweler (1.4.0)
      gemcutter (>= 0.1.0)
      git (>= 1.2.5)
      rubyforge (>= 2.0.0)
    json_pure (1.4.6)
    mime-types (1.16)
    nokogiri (1.4.3.1)
    rack (1.2.1)
    rest-client (1.6.1)
      mime-types (>= 1.16)
    rspec (1.3.0)
    rubyforge (2.0.4)
      json_pure (>= 1.1.7)
    yard (0.5.8)

PLATFORMS
  ruby

DEPENDENCIES
  activesupport (~> 2.3.8)
  fakeweb (~> 1.2.8)
  jeweler (~> 1.4.0)
  nokogiri (~> 1.4.3.1)
  rack (~> 1.2.1)
  rest-client (~> 1.6.0)
  rspec (~> 1.3.0)
  yard (~> 0.5.8)
