GEM
  remote: http://rubygems.org/
  specs:
    activesupport (2.3.12)
    fakeweb (1.2.8)
    git (1.2.5)
    jeweler (1.6.4)
      bundler (~> 1.0)
      git (>= 1.2.5)
      rake
    mime-types (1.16)
    nokogiri (1.5.0)
    rack (1.2.3)
    rake (0.9.2)
    rest-client (1.6.3)
      mime-types (>= 1.16)
    rspec (1.3.2)
    yard (0.5.8)

PLATFORMS
  ruby

DEPENDENCIES
  activesupport (~> 2.3.8)
  fakeweb (~> 1.2.8)
  jeweler (~> 1.6)
  nokogiri (~> 1.4)
  rack (~> 1.2.1)
  rest-client (~> 1.6)
  rspec (~> 1.3.0)
  yard (~> 0.5.8)
