GEM
  remote: http://rubygems.org/
  specs:
    activesupport (2.3.9)
    fakeweb (1.2.8)
    git (1.2.5)
    jeweler (1.5.2)
      bundler (~> 1.0.0)
      git (>= 1.2.5)
      rake
    mime-types (1.16)
    nokogiri (1.4.4)
    rack (1.2.1)
    rake (0.8.7)
    rest-client (1.6.1)
      mime-types (>= 1.16)
    rspec (1.3.0)
    yard (0.5.8)

PLATFORMS
  ruby

DEPENDENCIES
  activesupport (~> 2.3.8)
  fakeweb (~> 1.2.8)
  jeweler (~> 1.5.2)
  nokogiri (~> 1.4.4)
  rack (~> 1.2.1)
  rest-client (~> 1.6.0)
  rspec (~> 1.3.0)
  yard (~> 0.5.8)
