GEM
  remote: http://rubygems.org/
  specs:
    activesupport (2.3.12)
    diff-lcs (1.1.3)
    git (1.2.5)
    jeweler (1.6.4)
      bundler (~> 1.0)
      git (>= 1.2.5)
      rake
    mime-types (1.18)
    nokogiri (1.5.0)
    rack (1.4.1)
    rake (0.9.2)
    rest-client (1.6.7)
      mime-types (>= 1.16)
    rspec (2.10.0)
      rspec-core (~> 2.10.0)
      rspec-expectations (~> 2.10.0)
      rspec-mocks (~> 2.10.0)
    rspec-core (2.10.1)
    rspec-expectations (2.10.0)
      diff-lcs (~> 1.1.3)
    rspec-mocks (2.10.1)
    yard (0.5.8)

PLATFORMS
  ruby

DEPENDENCIES
  activesupport (~> 2.3.8)
  jeweler (~> 1.6)
  nokogiri (~> 1.4)
  rack (~> 1.4.1)
  rest-client (~> 1.6)
  rspec (~> 2.10)
  yard (~> 0.5.8)
